GEM
  remote: https://rubygems.org/
  specs:
    mustermann (1.0.2)
    pg (0.21.0-x64-mingw32)
    rack (2.0.4)
    rack-protection (2.0.1)
      rack
    ruby_http_client (3.3.0)
    sendgrid-ruby (5.2.0)
      ruby_http_client (~> 3.2)
      sinatra (>= 1.4.7, < 3)
    sinatra (2.0.1)
      mustermann (~> 1.0)
      rack (~> 2.0)
      rack-protection (= 2.0.1)
      tilt (~> 2.0)
    tilt (2.0.8)

PLATFORMS
  x64-mingw32

DEPENDENCIES
  pg (~> 0.20)
  sendgrid-ruby
  sinatra

BUNDLED WITH
   1.16.0.pre.3
